PATH
  remote: .
  specs:
    api-model (1.1.2)
      activemodel (~> 4.1)
      activesupport (~> 4.1)
      hash-pipe (~> 0.0)
      typhoeus (~> 0.6)
      virtus (~> 1.0)

GEM
  remote: https://rubygems.org/
  specs:
    activemodel (4.1.0)
      activesupport (= 4.1.0)
      builder (~> 3.1)
    activesupport (4.1.0)
      i18n (~> 0.6, >= 0.6.9)
      json (~> 1.7, >= 1.7.7)
      minitest (~> 5.1)
      thread_safe (~> 0.1)
      tzinfo (~> 1.1)
    addressable (2.3.5)
    axiom-types (0.1.1)
      descendants_tracker (~> 0.0.4)
      ice_nine (~> 0.11.0)
      thread_safe (~> 0.3, >= 0.3.1)
    builder (3.2.2)
    coderay (1.0.9)
    coercible (1.0.0)
      descendants_tracker (~> 0.0.1)
    crack (0.4.1)
      safe_yaml (~> 0.9.0)
    descendants_tracker (0.0.4)
      thread_safe (~> 0.3, >= 0.3.1)
    diff-lcs (1.2.5)
    equalizer (0.0.9)
    ethon (0.7.0)
      ffi (>= 1.3.0)
    ffi (1.9.3)
    hash-pipe (0.0.1)
      activesupport (~> 4.0)
    i18n (0.6.9)
    ice_nine (0.11.0)
    json (1.8.1)
    method_source (0.8.2)
    minitest (5.3.2)
    pry (0.9.12.2)
      coderay (~> 1.0.5)
      method_source (~> 0.8)
      slop (~> 3.4)
    rspec (2.14.1)
      rspec-core (~> 2.14.0)
      rspec-expectations (~> 2.14.0)
      rspec-mocks (~> 2.14.0)
    rspec-core (2.14.7)
    rspec-expectations (2.14.4)
      diff-lcs (>= 1.1.3, < 2.0)
    rspec-mocks (2.14.4)
    safe_yaml (0.9.7)
    slop (3.4.6)
    thread_safe (0.3.3)
    typhoeus (0.6.8)
      ethon (>= 0.7.0)
    tzinfo (1.1.0)
      thread_safe (~> 0.1)
    vcr (2.8.0)
    virtus (1.0.2)
      axiom-types (~> 0.1)
      coercible (~> 1.0)
      descendants_tracker (~> 0.0.3)
      equalizer (~> 0.0.9)
    webmock (1.15.0)
      addressable (>= 2.2.7)
      crack (>= 0.3.2)

PLATFORMS
  ruby

DEPENDENCIES
  api-model!
  pry (~> 0.9)
  rspec (~> 2.14)
  vcr (= 2.8.0)
  webmock (= 1.15.0)
